GEM
  remote: http://rubygems.org/
  specs:
    async-rack (0.5.1)
      rack (~> 1.1)
    rack (1.4.1)
    rack-proxy (0.3.7)
      rack

PLATFORMS
  ruby

DEPENDENCIES
  async-rack
  rack-proxy
