GIT
  remote: git://github.com/bebac/cramp.git
  revision: 4d147029bcd06f290022fdf2874ded8746b35414
  specs:
    cramp (0.15.1)
      activesupport (~> 3.2.8)
      eventmachine (~> 1.0.0.beta.3)
      faye-websocket (~> 0.3.0)
      rack (~> 1.4.1)
      thor (~> 0.16.0)

GEM
  remote: http://rubygems.org/
  specs:
    actionmailer (3.2.8)
      actionpack (= 3.2.8)
      mail (~> 2.4.4)
    actionpack (3.2.8)
      activemodel (= 3.2.8)
      activesupport (= 3.2.8)
      builder (~> 3.0.0)
      erubis (~> 2.7.0)
      journey (~> 1.0.4)
      rack (~> 1.4.0)
      rack-cache (~> 1.2)
      rack-test (~> 0.6.1)
      sprockets (~> 2.1.3)
    activemodel (3.2.8)
      activesupport (= 3.2.8)
      builder (~> 3.0.0)
    activerecord (3.2.8)
      activemodel (= 3.2.8)
      activesupport (= 3.2.8)
      arel (~> 3.0.2)
      tzinfo (~> 0.3.29)
    activeresource (3.2.8)
      activemodel (= 3.2.8)
      activesupport (= 3.2.8)
    activesupport (3.2.8)
      i18n (~> 0.6)
      multi_json (~> 1.0)
    arel (3.0.2)
    async-rack (0.5.1)
      rack (~> 1.1)
    bcrypt-ruby (3.0.1)
    builder (3.0.4)
    coffee-rails (3.2.2)
      coffee-script (>= 2.2.0)
      railties (~> 3.2.0)
    coffee-script (2.2.0)
      coffee-script-source
      execjs
    coffee-script-source (1.4.0)
    columnize (0.3.6)
    daemons (1.1.9)
    dalli (2.5.0)
    debugger (1.2.2)
      columnize (>= 0.3.1)
      debugger-linecache (~> 1.1.1)
      debugger-ruby_core_source (~> 1.1.5)
    debugger-linecache (1.1.2)
      debugger-ruby_core_source (>= 1.1.1)
    debugger-ruby_core_source (1.1.5)
    devise (2.1.2)
      bcrypt-ruby (~> 3.0)
      orm_adapter (~> 0.1)
      railties (~> 3.1)
      warden (~> 1.2.1)
    diff-lcs (1.1.3)
    em-hiredis (0.1.1)
      hiredis (~> 0.4.0)
    erubis (2.7.0)
    eventmachine (1.0.0)
    execjs (1.4.0)
      multi_json (~> 1.0)
    faye-websocket (0.3.0)
      eventmachine (>= 0.12.0)
    hike (1.2.1)
    hiredis (0.4.5)
    http_router (0.11.0)
      rack (>= 1.0.0)
      url_mount (~> 0.2.1)
    i18n (0.6.1)
    journey (1.0.4)
    jquery-rails (2.1.3)
      railties (>= 3.1.0, < 5.0)
      thor (~> 0.14)
    json (1.7.5)
    libv8 (3.3.10.4)
    mail (2.4.4)
      i18n (>= 0.4.0)
      mime-types (~> 1.16)
      treetop (~> 1.4.8)
    mime-types (1.19)
    multi_json (1.3.7)
    orm_adapter (0.4.0)
    polyglot (0.3.3)
    rabl (0.7.6)
      activesupport (>= 2.3.14)
      multi_json (~> 1.0)
    rack (1.4.1)
    rack-cache (1.2)
      rack (>= 0.4)
    rack-ssl (1.3.2)
      rack
    rack-test (0.6.2)
      rack (>= 1.0)
    rails (3.2.8)
      actionmailer (= 3.2.8)
      actionpack (= 3.2.8)
      activerecord (= 3.2.8)
      activeresource (= 3.2.8)
      activesupport (= 3.2.8)
      bundler (~> 1.0)
      railties (= 3.2.8)
    railties (3.2.8)
      actionpack (= 3.2.8)
      activesupport (= 3.2.8)
      rack-ssl (~> 1.3.2)
      rake (>= 0.8.7)
      rdoc (~> 3.4)
      thor (>= 0.14.6, < 2.0)
    rake (10.0.2)
    rdoc (3.12)
      json (~> 1.4)
    redis (3.0.2)
    rspec-core (2.12.0)
    rspec-expectations (2.12.0)
      diff-lcs (~> 1.1.3)
    rspec-mocks (2.12.0)
    rspec-rails (2.12.0)
      actionpack (>= 3.0)
      activesupport (>= 3.0)
      railties (>= 3.0)
      rspec-core (~> 2.12.0)
      rspec-expectations (~> 2.12.0)
      rspec-mocks (~> 2.12.0)
    sass (3.2.3)
    sass-rails (3.2.5)
      railties (~> 3.2.0)
      sass (>= 3.1.10)
      tilt (~> 1.3)
    spork (0.9.2)
    sprockets (2.1.3)
      hike (~> 1.2)
      rack (~> 1.0)
      tilt (~> 1.1, != 1.3.0)
    sqlite3 (1.3.6)
    therubyracer (0.10.2)
      libv8 (~> 3.3.10)
    thin (1.5.0)
      daemons (>= 1.0.9)
      eventmachine (>= 0.12.6)
      rack (>= 1.0.0)
    thor (0.16.0)
    tilt (1.3.3)
    treetop (1.4.12)
      polyglot
      polyglot (>= 0.3.1)
    tzinfo (0.3.35)
    uglifier (1.3.0)
      execjs (>= 0.3.0)
      multi_json (~> 1.0, >= 1.0.2)
    url_mount (0.2.1)
      rack
    warden (1.2.1)
      rack (>= 1.0)
    yajl-ruby (1.1.0)

PLATFORMS
  ruby

DEPENDENCIES
  async-rack
  coffee-rails (~> 3.2.1)
  cramp!
  dalli
  debugger
  devise
  em-hiredis
  http_router
  jquery-rails
  rabl
  rails (= 3.2.8)
  redis
  rspec-rails
  sass-rails (~> 3.2.3)
  spork (~> 0.9.0.rc)
  sqlite3
  therubyracer
  thin
  uglifier (>= 1.0.3)
  yajl-ruby
