GIT
  remote: git://github.com/bebac/cramp.git
  revision: 4d147029bcd06f290022fdf2874ded8746b35414
  specs:
    cramp (0.15.1)
      activesupport (~> 3.2.8)
      eventmachine (~> 1.0.0.beta.3)
      faye-websocket (~> 0.3.0)
      rack (~> 1.4.1)
      thor (~> 0.16.0)

GEM
  remote: http://rubygems.org/
  specs:
    activesupport (3.2.8)
      i18n (~> 0.6)
      multi_json (~> 1.0)
    async-rack (0.5.1)
      rack (~> 1.1)
    columnize (0.3.6)
    daemons (1.1.9)
    debugger (1.2.2)
      columnize (>= 0.3.1)
      debugger-linecache (~> 1.1.1)
      debugger-ruby_core_source (~> 1.1.5)
    debugger-linecache (1.1.2)
      debugger-ruby_core_source (>= 1.1.1)
    debugger-ruby_core_source (1.1.5)
    em-hiredis (0.1.1)
      hiredis (~> 0.4.0)
    eventmachine (1.0.0)
    faye-websocket (0.3.0)
      eventmachine (>= 0.12.0)
    hiredis (0.4.5)
    http_router (0.11.0)
      rack (>= 1.0.0)
      url_mount (~> 0.2.1)
    i18n (0.6.1)
    multi_json (1.3.7)
    rack (1.4.1)
    thin (1.5.0)
      daemons (>= 1.0.9)
      eventmachine (>= 0.12.6)
      rack (>= 1.0.0)
    thor (0.16.0)
    url_mount (0.2.1)
      rack
    yajl-ruby (1.1.0)

PLATFORMS
  ruby

DEPENDENCIES
  async-rack
  cramp!
  debugger
  em-hiredis
  http_router
  thin
  yajl-ruby
